GIT
  remote: git://github.com/aoitaku/quincite.git
  revision: 4941adf4512e99dd0cd433b2c75553842d05de29
  specs:
    quincite (0.1.0)

GIT
  remote: git://github.com/aoitaku/tmx.git
  revision: bb904947336d39fd27cd5e3c01fa53b3ec491836
  branch: develop
  specs:
    tmx (0.1.5)
      multi_json (~> 1.0)
      oga (~> 2.2)

GEM
  remote: https://rubygems.org/
  specs:
    ansi (1.5.0)
    ast (2.3.0)
    chipmunk (6.1.3.4)
    dxruby (1.4.4)
    multi_json (1.12.1)
    oga (2.3)
      ast
      ruby-ll (~> 2.1)
    ruby-ll (2.1.2)
      ansi
      ast

PLATFORMS
  x86-mingw32

DEPENDENCIES
  chipmunk
  dxruby
  quincite!
  tmx!

BUNDLED WITH
   1.12.4
